GEM
  remote: https://rubygems.org/
  specs:
    image_size (1.1.3)
    rake (10.1.0)

PLATFORMS
  ruby

DEPENDENCIES
  image_size
  rake
