PATH
  remote: .
  specs:
    wraith (1.1.4)
      anemone
      bundler
      image_size
      log4r
      nokogiri
      rake
      robotex
      thor

GEM
  remote: https://rubygems.org/
  specs:
    anemone (0.7.2)
      nokogiri (>= 1.3.0)
      robotex (>= 1.0.0)
    coderay (1.1.0)
    diff-lcs (1.2.5)
    given_core (3.5.0)
      sorcerer (>= 0.3.7)
    image_size (1.2.0)
    log4r (1.1.10)
    method_source (0.8.2)
    mini_portile (0.5.2)
    nokogiri (1.6.1)
      mini_portile (~> 0.5.0)
    pry (0.9.12.6)
      coderay (~> 1.0)
      method_source (~> 0.8)
      slop (~> 3.4)
    rake (10.1.1)
    robotex (1.0.0)
    rspec (2.14.1)
      rspec-core (~> 2.14.0)
      rspec-expectations (~> 2.14.0)
      rspec-mocks (~> 2.14.0)
    rspec-core (2.14.8)
    rspec-expectations (2.14.5)
      diff-lcs (>= 1.1.3, < 2.0)
    rspec-given (3.5.0)
      given_core (= 3.5.0)
      rspec (>= 2.12)
    rspec-mocks (2.14.6)
    slop (3.4.7)
    sorcerer (1.0.2)
    thor (0.18.1)

PLATFORMS
  ruby

DEPENDENCIES
  pry
  rake
  rspec-given
  wraith!
